PATH
  remote: .
  specs:
    matrix_gem (0.2.3)

GEM
  remote: https://rubygems.org/
  specs:
    minitest (5.5.1)
    rake (10.4.2)

PLATFORMS
  ruby

DEPENDENCIES
  bundler (~> 1.7)
  matrix_gem!
  minitest
  rake
