PATH
  remote: .
  specs:
    matrix_gem (0.1.0)

GEM
  remote: https://rubygems.org/
  specs:
    minitest (5.5.1)
    rake (10.4.2)

PLATFORMS
  ruby

DEPENDENCIES
  bundler
  matrix_gem!
  minitest
  rake
