PATH
  remote: .
  specs:
<<<<<<< HEAD
    matrix_gem (0.2.3)
=======
    matrix_gem (0.1.0)
>>>>>>> 04fac2ac30078c34289c819de09a204166178008

GEM
  remote: https://rubygems.org/
  specs:
    minitest (5.5.1)
    rake (10.4.2)

PLATFORMS
  ruby

DEPENDENCIES
<<<<<<< HEAD
  bundler (~> 1.7)
=======
  bundler
>>>>>>> 04fac2ac30078c34289c819de09a204166178008
  matrix_gem!
  minitest
  rake
